GEM
  remote: https://rubygems.org/
  specs:
    parallel (1.13.0)

PLATFORMS
  ruby

DEPENDENCIES
  parallel (~> 1.13)

RUBY VERSION
   ruby 2.5.3p105

BUNDLED WITH
   2.0.1
